GEM
  remote: https://rubygems.org/
  specs:
    diff-lcs (1.5.1)
    knapsack (4.0.0)
      rake
    nio4r (2.7.0)
    puma (6.4.2)
      nio4r (~> 2.0)
    rake (13.1.0)
    rspec (3.13.0)
      rspec-core (~> 3.13.0)
      rspec-expectations (~> 3.13.0)
      rspec-mocks (~> 3.13.0)
    rspec-core (3.13.0)
      rspec-support (~> 3.13.0)
    rspec-expectations (3.13.0)
      diff-lcs (>= 1.2.0, < 2.0)
      rspec-support (~> 3.13.0)
    rspec-mocks (3.13.0)
      diff-lcs (>= 1.2.0, < 2.0)
      rspec-support (~> 3.13.0)
    rspec-support (3.13.1)

PLATFORMS
  x86_64-darwin-22

DEPENDENCIES
  knapsack
  puma
  rspec

BUNDLED WITH
   2.4.22
